PATH
  remote: .
  specs:
    sekrets (1.13.1)
      coerce (~> 0.0.3)
      fattr (~> 2.2)
      highline (~> 2.0)
      main (~> 6.1)
      map (~> 6.3)

GEM
  remote: https://rubygems.org/
  specs:
    arrayfields (4.9.2)
    chronic (0.10.2)
    coerce (0.0.8)
      chronic (>= 0.6.2)
    fattr (2.4.0)
    highline (2.0.3)
    main (6.2.3)
      arrayfields (~> 4.7, >= 4.7.4)
      chronic (~> 0.6, >= 0.6.2)
      fattr (~> 2.2, >= 2.2.0)
      map (~> 6.1, >= 6.1.0)
    map (6.6.0)

PLATFORMS
  ruby

DEPENDENCIES
  sekrets!

BUNDLED WITH
   1.17.2
